GEM
  remote: http://rubygems.org/
  specs:
    actionpack (2.3.12)
      activesupport (= 2.3.12)
      rack (~> 1.1.0)
    activerecord (2.3.12)
      activesupport (= 2.3.12)
    activesupport (2.3.12)
    archive-tar-minitar (0.5.2)
    columnize (0.3.4)
    linecache (0.46)
      rbx-require-relative (> 0.0.4)
    linecache19 (0.5.12)
      ruby_core_source (>= 0.1.4)
    mocha (0.9.7)
      rake
    mysql (2.8.1)
    pg (0.11.0)
    postgres (0.7.9.2008.01.28)
    rack (1.1.2)
    rake (0.8.7)
    rbx-require-relative (0.0.5)
    ruby-debug (0.10.4)
      columnize (>= 0.1)
      ruby-debug-base (~> 0.10.4.0)
    ruby-debug-base (0.10.4)
      linecache (>= 0.3)
    ruby-debug-base19 (0.11.25)
      columnize (>= 0.3.1)
      linecache19 (>= 0.5.11)
      ruby_core_source (>= 0.1.4)
    ruby-debug19 (0.11.6)
      columnize (>= 0.3.1)
      linecache19 (>= 0.5.11)
      ruby-debug-base19 (>= 0.11.19)
    ruby_core_source (0.1.5)
      archive-tar-minitar (>= 0.5.2)
    sqlite3-ruby (1.3.1)

PLATFORMS
  ruby

DEPENDENCIES
  actionpack (~> 2.3.6)
  activerecord (~> 2.3.6)
  mocha (= 0.9.7)
  mysql
  pg
  postgres
  rake (~> 0.8.7)
  ruby-debug
  ruby-debug19
  sqlite3-ruby (= 1.3.1)
